GEM
  remote: https://rubygems.org/
  specs:
    addressable (2.6.0)
      public_suffix (>= 2.0.2, < 4.0)
    ast (2.4.0)
    awesome_print (1.8.0)
    childprocess (0.9.0)
      ffi (~> 1.0, >= 1.0.11)
    coderay (1.1.2)
    diff-lcs (1.3)
    ffi (1.10.0)
    foreman (0.85.0)
      thor (~> 0.19.1)
    git (1.3.0)
    iniparse (1.4.4)
    jaro_winkler (1.5.2)
    launchy (2.4.3)
      addressable (~> 2.3)
    lolcommits (0.12.1)
      git (~> 1.3.0)
      launchy (~> 2.4.3)
      lolcommits-loltext (~> 0.0.5)
      mercurial-ruby (~> 0.7.12)
      methadone (~> 1.9.5)
      mini_magick (~> 4.8.0)
      open4 (~> 1.3.4)
    lolcommits-loltext (0.0.9)
    mercurial-ruby (0.7.12)
      open4 (~> 1.3.0)
    methadone (1.9.5)
      bundler
    method_source (0.9.2)
    mini_magick (4.8.0)
    open4 (1.3.4)
    overcommit (0.46.0)
      childprocess (~> 0.6, >= 0.6.3)
      iniparse (~> 1.4)
    parallel (1.13.0)
    parser (2.6.0.0)
      ast (~> 2.4.0)
    powerpack (0.1.2)
    pry (0.12.2)
      coderay (~> 1.1.0)
      method_source (~> 0.9.0)
    public_suffix (3.0.3)
    rainbow (3.0.0)
    rb-readline (0.5.5)
    rspec (3.8.0)
      rspec-core (~> 3.8.0)
      rspec-expectations (~> 3.8.0)
      rspec-mocks (~> 3.8.0)
    rspec-core (3.8.0)
      rspec-support (~> 3.8.0)
    rspec-expectations (3.8.2)
      diff-lcs (>= 1.2.0, < 2.0)
      rspec-support (~> 3.8.0)
    rspec-mocks (3.8.0)
      diff-lcs (>= 1.2.0, < 2.0)
      rspec-support (~> 3.8.0)
    rspec-support (3.8.0)
    rubocop (0.63.0)
      jaro_winkler (~> 1.5.1)
      parallel (~> 1.10)
      parser (>= 2.5, != 2.5.1.1)
      powerpack (~> 0.1)
      rainbow (>= 2.2.2, < 4.0)
      ruby-progressbar (~> 1.7)
      unicode-display_width (~> 1.4.0)
    rubocop-rspec (1.31.0)
      rubocop (>= 0.60.0)
    ruby-progressbar (1.10.0)
    thor (0.19.4)
    unicode-display_width (1.4.1)

PLATFORMS
  ruby

DEPENDENCIES
  awesome_print
  bundler
  foreman
  lolcommits
  overcommit
  pry
  rb-readline
  rspec
  rubocop
  rubocop-rspec

BUNDLED WITH
   2.0.1
