GEM
  remote: https://rubygems.org/
  specs:
    addressable (2.7.0)
      public_suffix (>= 2.0.2, < 5.0)
    ast (2.4.0)
    awesome_print (1.8.0)
    backport (1.1.2)
    binding_of_caller (0.8.0)
      debug_inspector (>= 0.0.1)
    byebug (11.0.1)
    childprocess (1.0.1)
      rake (< 13.0)
    coderay (1.1.2)
    debug_inspector (0.0.3)
    diff-lcs (1.3)
    foreman (0.85.0)
      thor (~> 0.19.1)
    git (1.5.0)
    htmlentities (4.3.4)
    iniparse (1.4.4)
    interception (0.5)
    jaro_winkler (1.5.3)
    launchy (2.4.3)
      addressable (~> 2.3)
    lolcommits (0.15.1)
      git (~> 1.5.0)
      launchy (~> 2.4.3)
      lolcommits-loltext (~> 0.3.0)
      mercurial-ruby (~> 0.7.12)
      methadone (~> 1.9.5)
      mini_magick (~> 4.9.3)
      open4 (~> 1.3.4)
    lolcommits-loltext (0.3.0)
    mercurial-ruby (0.7.12)
      open4 (~> 1.3.0)
    methadone (1.9.5)
      bundler
    method_source (0.9.2)
    mini_magick (4.9.5)
    mini_portile2 (2.4.0)
    nokogiri (1.10.4)
      mini_portile2 (~> 2.4.0)
    open4 (1.3.4)
    overcommit (0.49.1)
      childprocess (>= 0.6.3, < 2.0)
      iniparse (~> 1.4)
    parallel (1.17.0)
    parser (2.6.4.0)
      ast (~> 2.4.0)
    pry (0.12.2)
      coderay (~> 1.1.0)
      method_source (~> 0.9.0)
    pry-byebug (3.7.0)
      byebug (~> 11.0)
      pry (~> 0.10)
    pry-rescue (1.5.0)
      interception (>= 0.5)
      pry (>= 0.12.0)
    pry-stack_explorer (0.4.9.3)
      binding_of_caller (>= 0.7)
      pry (>= 0.9.11)
    public_suffix (4.0.1)
    rainbow (3.0.0)
    rake (12.3.3)
    rb-readline (0.5.5)
    reverse_markdown (1.2.0)
      nokogiri
    rspec (3.8.0)
      rspec-core (~> 3.8.0)
      rspec-expectations (~> 3.8.0)
      rspec-mocks (~> 3.8.0)
    rspec-core (3.8.2)
      rspec-support (~> 3.8.0)
    rspec-expectations (3.8.4)
      diff-lcs (>= 1.2.0, < 2.0)
      rspec-support (~> 3.8.0)
    rspec-mocks (3.8.1)
      diff-lcs (>= 1.2.0, < 2.0)
      rspec-support (~> 3.8.0)
    rspec-support (3.8.2)
    rubocop (0.74.0)
      jaro_winkler (~> 1.5.1)
      parallel (~> 1.10)
      parser (>= 2.6)
      rainbow (>= 2.2.2, < 4.0)
      ruby-progressbar (~> 1.7)
      unicode-display_width (>= 1.4.0, < 1.7)
    rubocop-rspec (1.35.0)
      rubocop (>= 0.60.0)
    ruby-progressbar (1.10.1)
    solargraph (0.37.2)
      backport (~> 1.1)
      bundler (>= 1.17.2)
      htmlentities (~> 4.3, >= 4.3.4)
      jaro_winkler (~> 1.5)
      nokogiri (~> 1.9, >= 1.9.1)
      parser (~> 2.3)
      reverse_markdown (~> 1.0, >= 1.0.5)
      rubocop (~> 0.52)
      thor (~> 0.19, >= 0.19.4)
      tilt (~> 2.0)
      yard (~> 0.9)
    thor (0.19.4)
    tilt (2.0.9)
    unicode-display_width (1.6.0)
    yard (0.9.20)

PLATFORMS
  ruby

DEPENDENCIES
  awesome_print
  binding_of_caller
  bundler
  byebug
  debug_inspector
  foreman
  lolcommits
  overcommit
  pry
  pry-byebug
  pry-rescue
  pry-stack_explorer
  rb-readline
  rspec
  rubocop
  rubocop-rspec
  solargraph

BUNDLED WITH
   2.0.2
